RESTRICTION: >= net461
NUGET
  remote: https://www.nuget.org/api/v2
    FSharp.Core (4.6)
    Jil (2.16)
      Sigil (>= 4.7)
    Sigil (4.7)
